GEM
  remote: http://rubygems.org/
  specs:
    hashie (1.2.0)
    json (1.7.5)
    multi_json (1.3.6)
    oauth (0.4.7)
    omniauth (1.1.1)
      hashie (~> 1.2)
      rack
    omniauth-oauth (1.0.1)
      oauth
      omniauth (~> 1.0)
    omniauth-twitter (0.0.13)
      multi_json (~> 1.3)
      omniauth-oauth (~> 1.0)
    powder (0.1.8)
      thor (>= 0.11.5)
    rack (1.4.1)
    rack-protection (1.2.0)
      rack
    redis (3.0.1)
    sinatra (1.3.3)
      rack (~> 1.3, >= 1.3.6)
      rack-protection (~> 1.2)
      tilt (~> 1.3, >= 1.3.3)
    thor (0.16.0)
    tilt (1.3.3)

PLATFORMS
  ruby

DEPENDENCIES
  json
  omniauth
  omniauth-twitter
  powder
  redis
  sinatra
